GEM
  remote: https://rubygems.org/
  specs:
    fxruby (1.6.42-x64-mingw32)
      mini_portile2 (~> 2.1)
    gosu (0.15.2-x64-mingw32)
    mini_portile2 (2.5.0)

PLATFORMS
  x64-mingw32

DEPENDENCIES
  fxruby
  gosu (~> 0.15.2)

BUNDLED WITH
   2.1.4
